PATH
  remote: .
  specs:
    easy_config (0.0.1)
      methodize (~> 0.2.1)

GEM
  remote: http://rubygems.org/
  specs:
    diff-lcs (1.1.3)
    fakefs (0.4.0)
    methodize (0.2.1)
    rake (0.9.2.2)
    rspec (2.9.0)
      rspec-core (~> 2.9.0)
      rspec-expectations (~> 2.9.0)
      rspec-mocks (~> 2.9.0)
    rspec-core (2.9.0)
    rspec-expectations (2.9.0)
      diff-lcs (~> 1.1.3)
    rspec-mocks (2.9.0)

PLATFORMS
  ruby

DEPENDENCIES
  bundler (>= 1.0.0)
  easy_config!
  fakefs
  rake
  rspec (~> 2.9.0)
