PATH
  remote: .
  specs:
    easy_config (0.0.3)
      erubis
      methodize (~> 0.2.1)

GEM
  remote: https://rubygems.org/
  specs:
    diff-lcs (1.1.3)
    erubis (2.7.0)
    methodize (0.2.2)
    rake (0.9.2.2)
    rspec (2.9.0)
      rspec-core (~> 2.9.0)
      rspec-expectations (~> 2.9.0)
      rspec-mocks (~> 2.9.0)
    rspec-core (2.9.0)
    rspec-expectations (2.9.0)
      diff-lcs (~> 1.1.3)
    rspec-mocks (2.9.0)

PLATFORMS
  ruby

DEPENDENCIES
  bundler (>= 1.0.0)
  easy_config!
  rake
  rspec (~> 2.9.0)
